GEM
  remote: https://rubygems.org/
  specs:
    colorize (0.8.1)
    progress-bar (0.3.7)
      ruby-dbus
    ruby-dbus (0.16.0)
    tty-font (0.5.0)

PLATFORMS
  ruby

DEPENDENCIES
  colorize (~> 0.8.1)
  progress-bar (~> 0.3.7)
  tty-font (~> 0.5.0)

BUNDLED WITH
   2.1.4
